PATH
  remote: .
  specs:
    google_directions (1.6.6.2)
      nokogiri (~> 1.6)

GEM
  remote: https://rubygems.org/
  specs:
    allison (2.0.3)
    echoe (4.6.6)
      allison (>= 2.0.3)
      rake (>= 0.9.2)
      rdoc (>= 2.5.11)
      rubyforge (>= 2.0.4)
    json (1.8.3)
    json_pure (1.8.2)
    metaclass (0.0.4)
    mini_portile (0.6.2)
    minitest (5.8.0)
    mocha (1.1.0)
      metaclass (~> 0.0.1)
    nokogiri (1.6.6.2)
      mini_portile (~> 0.6.0)
    rake (10.4.2)
    rdoc (4.2.0)
      json (~> 1.4)
    rubyforge (2.0.4)
      json_pure (>= 1.1.7)

PLATFORMS
  ruby

DEPENDENCIES
  bundler (~> 1.10)
  echoe (~> 4.6)
  google_directions!
  minitest
  mocha (~> 1.1, >= 1.1.0)
  rake (~> 10.0)

BUNDLED WITH
   1.10.6
